GEM
  remote: https://rubygems.org/
  specs:
    mvn:org.clojure:clojure (1.3.0-java)
    mvn:xalan:serializer (2.7.1-java)
      mvn:xml-apis:xml-apis (~> 1.0.a)
    mvn:xalan:xalan (2.7.1-java)
      mvn:xalan:serializer (~> 2.0.a)
    mvn:xml-apis:xml-apis (1.4.01-java)

PLATFORMS
  java
  ruby

DEPENDENCIES
  mvn:org.clojure:clojure (~> 1.3.0)
  mvn:xalan:xalan (~> 2.7.1)
